GEM
  remote: https://rubygems.org/
  specs:
    actionpack (4.2.2)
      actionview (= 4.2.2)
      activesupport (= 4.2.2)
      rack (~> 1.6)
      rack-test (~> 0.6.2)
      rails-dom-testing (~> 1.0, >= 1.0.5)
      rails-html-sanitizer (~> 1.0, >= 1.0.1)
    actionview (4.2.2)
      activesupport (= 4.2.2)
      builder (~> 3.1)
      erubis (~> 2.7.0)
      rails-dom-testing (~> 1.0, >= 1.0.5)
      rails-html-sanitizer (~> 1.0, >= 1.0.1)
    activesupport (4.2.2)
      i18n (~> 0.7)
      json (~> 1.7, >= 1.7.7)
      minitest (~> 5.1)
      thread_safe (~> 0.3, >= 0.3.4)
      tzinfo (~> 1.1)
    bson (1.12.3)
    bson_ext (1.12.3)
      bson (~> 1.12.3)
    builder (3.2.2)
    domain_name (0.5.24)
      unf (>= 0.0.5, < 1.0.0)
    encryptor (1.3.0)
    erubis (2.7.0)
    ffi (1.9.8-x64-mingw32)
    http-cookie (1.0.2)
      domain_name (~> 0.5)
    i18n (0.7.0)
    json (1.8.1)
    loofah (2.0.2)
      nokogiri (>= 1.5.9)
    mime-types (2.6.1)
    mini_portile (0.6.2)
    minitest (5.7.0)
    mongo (1.12.3)
      bson (= 1.12.3)
    netrc (0.10.3)
    nokogiri (1.6.6.2-x64-mingw32)
      mini_portile (~> 0.6.0)
    rack (1.6.2)
    rack-test (0.6.3)
      rack (>= 1.0)
    rails-deprecated_sanitizer (1.0.3)
      activesupport (>= 4.2.0.alpha)
    rails-dom-testing (1.0.6)
      activesupport (>= 4.2.0.beta, < 5.0)
      nokogiri (~> 1.6.0)
      rails-deprecated_sanitizer (>= 1.0.1)
    rails-html-sanitizer (1.0.2)
      loofah (~> 2.0)
    rest-client (1.8.0-x64-mingw32)
      ffi (~> 1.9)
      http-cookie (>= 1.0.2, < 2.0)
      mime-types (>= 1.16, < 3.0)
      netrc (~> 0.7)
    scalarm-database (0.2)
      activesupport
      bson
      bson_ext
      encryptor
      mongo
    scalarm-service_core (0.3.3)
      actionpack (~> 4.1)
      activesupport (~> 4.1)
      rest-client (~> 1.8)
    thread_safe (0.3.5)
    tzinfo (1.2.2)
      thread_safe (~> 0.1)
    unf (0.2.0.beta2)

PLATFORMS
  x64-mingw32

DEPENDENCIES
  scalarm-database
  scalarm-service_core

BUNDLED WITH
   1.10.4
